GEM
  remote: https://rubygems.org/
  specs:
    dotenv (2.6.0)
    rake (12.3.0)

PLATFORMS
  ruby

DEPENDENCIES
  dotenv
  rake

BUNDLED WITH
   2.0.1
